GEM
  remote: https://rubygems.org/
  specs:
    rack (1.6.11)

PLATFORMS
  ruby

DEPENDENCIES
  rack (~> 1.6, >= 1.6.4)

BUNDLED WITH
   2.0.1
